GEM
  remote: https://rubygems.org/
  specs:
    cuba (3.4.0)
      rack
    da99_rack_protect (3.1.1)
      rack-protection (> 1.5)
    foreman (0.78.0)
      thor (~> 0.19.1)
    kgio (2.9.3)
    rack (1.6.4)
    rack-protection (1.5.3)
      rack
    raindrops (0.15.0)
    thor (0.19.1)
    unicorn (4.9.0)
      kgio (~> 2.6)
      rack
      raindrops (~> 0.7)

PLATFORMS
  ruby

DEPENDENCIES
  cuba
  da99_rack_protect
  foreman
  unicorn

BUNDLED WITH
   1.10.6
